GEM
  remote: https://rubygems.org/
  specs:
    highline (2.0.0)

PLATFORMS
  ruby

DEPENDENCIES
  highline

BUNDLED WITH
   1.16.2
